GEM
  remote: https://rubygems.org/
  specs:
    concurrent-ruby (1.3.3)
    connection_pool (2.4.1)
    countries (6.0.1)
      unaccent (~> 0.3)
    csv (3.3.0)
    et-orbi (1.2.11)
      tzinfo
    faraday (2.9.2)
      faraday-net_http (>= 2.0, < 3.2)
    faraday-net_http (3.1.0)
      net-http
    fugit (1.11.0)
      et-orbi (~> 1, >= 1.2.11)
      raabro (~> 1.4)
    net-http (0.4.1)
      uri
    raabro (1.4.0)
    redis (5.2.0)
      redis-client (>= 0.22.0)
    redis-client (0.22.2)
      connection_pool
    rufus-scheduler (3.9.1)
      fugit (~> 1.1, >= 1.1.6)
    tzinfo (2.0.6)
      concurrent-ruby (~> 1.0)
    unaccent (0.4.0)
    uri (0.13.0)

PLATFORMS
  aarch64-linux-musl
  arm64-darwin-23
  x86_64-linux
  x86_64-linux-musl

DEPENDENCIES
  countries
  csv
  faraday
  redis
  rufus-scheduler

RUBY VERSION
   ruby 3.3.1p55

BUNDLED WITH
   2.5.9
